GIT
  remote: https://github.com/johannesthoma/libxml-to-hash
  revision: c216e816474e909357a606ebc6fb08172ec3524a
  specs:
    libxml-to-hash (0.2.2)
      libxml-ruby

GEM
  specs:
    libxml-ruby (2.8.0)
    parallel (1.11.2)

PLATFORMS
  ruby

DEPENDENCIES
  libxml-to-hash!
  parallel

BUNDLED WITH
   1.14.6
