GIT
  remote: https://github.com/johannesthoma/libxml-to-hash
  revision: c216e816474e909357a606ebc6fb08172ec3524a
  specs:
    libxml-to-hash (0.2.2)
      libxml-ruby

GEM
  specs:
    inquirer (0.2.1)
      term-ansicolor (>= 1.2.2)
    libxml-ruby (2.8.0)
    term-ansicolor (1.6.0)
      tins (~> 1.0)
    tins (1.13.2)

PLATFORMS
  ruby

DEPENDENCIES
  inquirer
  libxml-to-hash!

BUNDLED WITH
   1.14.6
